GEM
  remote: https://rubygems.org/
  specs:
    kwalify (0.7.2)
    rumai (4.1.3)
    yard (0.9.12)

PLATFORMS
  ruby

DEPENDENCIES
  kwalify (>= 0.7.2)
  rumai (>= 4.1.3)
  yard

BUNDLED WITH
   1.16.1
