GEM
  remote: https://rubygems.org/
  specs:
    kwalify (0.7.2)
    rumai (4.1.3)

PLATFORMS
  ruby

DEPENDENCIES
  kwalify (>= 0.7.2)
  rumai (>= 4.1.3)

BUNDLED WITH
   1.10.6
